PATH
  remote: .
  specs:
    asset_hat (0.3.1)
      asset_hat
      cssmin (~> 1.0.2)
      jsmin (~> 1.0.1)

GEM
  remote: http://rubygems.org/
  specs:
    cssmin (1.0.2)
    flexmock (0.8.11)
    git (1.2.5)
    haml (2.2.24)
    hanna (0.1.12)
      haml (~> 2.2.8)
      rake (~> 0.8.2)
      rdoc (~> 2.3.0)
    jeweler (1.5.2)
      bundler (~> 1.0.0)
      git (>= 1.2.5)
      rake
    jsmin (1.0.1)
    rake (0.8.7)
    rdoc (2.3.0)
    shoulda (2.10.3)

PLATFORMS
  ruby

DEPENDENCIES
  asset_hat!
  flexmock (~> 0.8.6)
  hanna (~> 0.1.12)
  jeweler (~> 1.5.1)
  shoulda (~> 2.10.2)
